PATH
  remote: .
  specs:
    squash_repeater (0.1.17)
      backburner (~> 1.0)
      squash_ruby (~> 2.0)
      thor (~> 0.19)

GEM
  remote: https://rubygems.org/
  specs:
    backburner (1.3.0)
      beaneater (~> 1.0)
      dante (> 0.1.5)
    beaneater (1.0.0)
    byebug (4.0.5)
      columnize (= 0.9.0)
    coderay (1.1.0)
    columnize (0.9.0)
    dante (0.2.0)
    diff-lcs (1.2.5)
    docile (1.1.5)
    json (1.8.3)
    method_source (0.8.2)
    pry (0.10.1)
      coderay (~> 1.1.0)
      method_source (~> 0.8.1)
      slop (~> 3.4)
    pry-byebug (3.1.0)
      byebug (~> 4.0)
      pry (~> 0.10)
    rake (10.4.2)
    rspec (3.3.0)
      rspec-core (~> 3.3.0)
      rspec-expectations (~> 3.3.0)
      rspec-mocks (~> 3.3.0)
    rspec-core (3.3.1)
      rspec-support (~> 3.3.0)
    rspec-expectations (3.3.0)
      diff-lcs (>= 1.2.0, < 2.0)
      rspec-support (~> 3.3.0)
    rspec-mocks (3.3.1)
      diff-lcs (>= 1.2.0, < 2.0)
      rspec-support (~> 3.3.0)
    rspec-support (3.3.0)
    simplecov (0.10.0)
      docile (~> 1.1.0)
      json (~> 1.8)
      simplecov-html (~> 0.10.0)
    simplecov-html (0.10.0)
    slop (3.6.0)
    squash_ruby (2.0.1)
      json
    thor (0.19.4)

PLATFORMS
  ruby

DEPENDENCIES
  bundler (~> 1.7)
  pry-byebug (~> 3.1)
  rake (~> 10.0)
  rspec (~> 3.2)
  simplecov (~> 0.10)
  squash_repeater!

BUNDLED WITH
   1.13.6
